GEM
  remote: https://rubygems.org/
  specs:
    dotenv (0.7.0)
    eventmachine (1.0.3)
    foreman (0.63.0)
      dotenv (>= 0.7)
      thor (>= 0.13.6)
    multi_json (1.8.0)
    rollbar (0.10.14)
      multi_json (~> 1.5)
    thor (0.18.1)

PLATFORMS
  ruby

DEPENDENCIES
  dotenv
  eventmachine
  foreman
  rollbar
